PATH
  remote: .
  specs:
    generamba (0.7.4)
      cocoapods-core (= 0.39.0)
      git (= 1.2.9.1)
      liquid (= 3.0.6)
      terminal-table (= 1.4.5)
      thor (= 0.19.1)
      xcodeproj (= 0.28.2)

GEM
  remote: https://rubygems.org/
  specs:
    activesupport (4.2.5)
      i18n (~> 0.7)
      json (~> 1.7, >= 1.7.7)
      minitest (~> 5.1)
      thread_safe (~> 0.3, >= 0.3.4)
      tzinfo (~> 1.1)
    claide (0.9.1)
    cocoapods-core (0.39.0)
      activesupport (>= 4.0.2)
      fuzzy_match (~> 2.0.4)
      nap (~> 1.0)
    colored (1.2)
    diff-lcs (1.2.5)
    fakefs (0.6.7)
    fuzzy_match (2.0.4)
    git (1.2.9.1)
    i18n (0.7.0)
    json (1.8.3)
    liquid (3.0.6)
    minitest (5.8.4)
    nap (1.0.0)
    rake (10.4.2)
    rspec (3.3.0)
      rspec-core (~> 3.3.0)
      rspec-expectations (~> 3.3.0)
      rspec-mocks (~> 3.3.0)
    rspec-core (3.3.2)
      rspec-support (~> 3.3.0)
    rspec-expectations (3.3.1)
      diff-lcs (>= 1.2.0, < 2.0)
      rspec-support (~> 3.3.0)
    rspec-mocks (3.3.2)
      diff-lcs (>= 1.2.0, < 2.0)
      rspec-support (~> 3.3.0)
    rspec-support (3.3.0)
    terminal-table (1.4.5)
    thor (0.19.1)
    thread_safe (0.3.5)
    tzinfo (1.2.2)
      thread_safe (~> 0.1)
    xcodeproj (0.28.2)
      activesupport (>= 3)
      claide (~> 0.9.1)
      colored (~> 1.2)

PLATFORMS
  ruby

DEPENDENCIES
  bundler (~> 1.10)
  fakefs (~> 0.6)
  generamba!
  rake (~> 10.0)
  rspec (~> 3.0)

BUNDLED WITH
   1.11.2
